GIT
  remote: https://github.com/doabit/semantic-ui-sass.git
  revision: 308d74a16d9acad903cd20f829634aa92d68699c
  specs:
    semantic-ui-sass (2.2.9.3)
      sass (>= 3.2)

GEM
  specs:
    sass (3.4.23)

PLATFORMS
  x64-mingw32

DEPENDENCIES
  semantic-ui-sass!

BUNDLED WITH
   1.14.6
